GEM
  remote: https://rubygems.org/
  specs:
    hoe (3.7.0)
      rake (>= 0.8, < 11.0)
    hoe-gemspec (1.0.0)
      hoe (>= 2.2.0)
    hoe-git (1.5.0)
      hoe (>= 2.2.0)
    json (1.8.0)
    minitest (5.0.6)
    rake (10.1.0)
    rake-compiler (0.8.3)
      rake
    rdoc (3.12.2)
      json (~> 1.4)

PLATFORMS
  ruby

DEPENDENCIES
  hoe-gemspec (~> 1.0.0)
  hoe-git (~> 1.5.0)
  minitest (~> 5.0.6)
  rake-compiler (~> 0.8.3)
  rdoc (~> 3.12.2)
